GEM
  remote: http://rubygems.org/
  specs:
    aws-s3 (0.6.3)
      builder
      mime-types
      xml-simple
    bson (1.10.0)
    builder (3.2.2)
    carrot (1.2.0)
    json (1.8.1)
    mime-types (2.2)
    mongo (1.10.0)
      bson (~> 1.10.0)
    mysql2 (0.3.15)
    pg (0.17.1)
    rack (1.5.2)
    rack-protection (1.5.2)
      rack
    redis (3.0.7)
    sinatra (1.4.4)
      rack (~> 1.4)
      rack-protection (~> 1.4)
      tilt (~> 1.3, >= 1.3.4)
    tilt (1.4.1)
    xml-simple (1.1.3)

PLATFORMS
  ruby

DEPENDENCIES
  aws-s3
  carrot
  json
  mongo
  mysql2
  pg
  redis
  sinatra
